PATH
  remote: .
  specs:
    puppet_forge_mirror (0.1.0)
      progress_bar
      puppet_forge
      thor
      typhoeus

GEM
  remote: https://rubygems.org/
  specs:
    ethon (0.16.0)
      ffi (>= 1.15.0)
    faraday (2.7.4)
      faraday-net_http (>= 2.0, < 3.1)
      ruby2_keywords (>= 0.0.4)
    faraday-follow_redirects (0.3.0)
      faraday (>= 1, < 3)
    faraday-net_http (3.0.2)
    ffi (1.15.5)
    highline (2.1.0)
    minitar (0.9)
    minitest (5.17.0)
    options (2.3.2)
    progress_bar (1.3.3)
      highline (>= 1.6, < 3)
      options (~> 2.3.0)
    puppet_forge (4.0.0)
      faraday (~> 2.0)
      faraday-follow_redirects (~> 0.3.0)
      minitar
      semantic_puppet (~> 1.0)
    rake (13.0.6)
    ruby2_keywords (0.0.5)
    semantic_puppet (1.0.4)
    thor (1.2.1)
    typhoeus (1.4.0)
      ethon (>= 0.9.0)

PLATFORMS
  x86_64-linux

DEPENDENCIES
  minitest (~> 5.0)
  puppet_forge_mirror!
  rake (~> 13.0)

BUNDLED WITH
   2.4.1
